PATH
  remote: .
  specs:
    minuteman (1.0.6)
      redis (~> 4.1.0)

GEM
  remote: https://rubygems.org/
  specs:
    given_core (3.8.0)
      sorcerer (>= 0.3.7)
    minitest (5.13.0)
    minitest-given (3.8.0)
      given_core (= 3.8.0)
      minitest (> 4.3)
    rake (13.0.0)
    redis (4.1.3)
    redis-namespace (1.6.0)
      redis (>= 3.0.4)
    sorcerer (1.0.2)

PLATFORMS
  ruby

DEPENDENCIES
  minitest (~> 5.13.0)
  minitest-given (~> 3.8.0)
  minuteman!
  rake
  redis-namespace (~> 1.6.0)

BUNDLED WITH
   1.17.3
