PATH
  remote: .
  specs:
    minuteman (1.0.6)
      redis (~> 3.2, >= 3.2.1)

GEM
  remote: https://rubygems.org/
  specs:
    given_core (3.0.0)
      sorcerer (>= 0.3.7)
    minitest (4.3.3)
    minitest-given (3.0.0)
      given_core (= 3.0.0)
      minitest (> 4.3)
    rake (12.0.0)
    redis (3.3.3)
    redis-namespace (1.5.2)
      redis (~> 3.0, >= 3.0.4)
    sorcerer (1.0.2)

PLATFORMS
  ruby

DEPENDENCIES
  minitest (~> 4.3.0)
  minitest-given (~> 3.0.0)
  minuteman!
  rake
  redis-namespace (~> 1.5.2)

BUNDLED WITH
   1.14.3
